GEM
  remote: https://rubygems.org/
  specs:
    CFPropertyList (2.2.8)
    colored (1.2)
    cri (2.6.1)
      colored (~> 1.2)
    facter (2.4.4)
      CFPropertyList (~> 2.2.6)
    faraday (0.9.1)
      multipart-post (>= 1.2, < 3)
    faraday_middleware (0.9.1)
      faraday (>= 0.7.4, < 0.10)
    faraday_middleware-multi_json (0.0.6)
      faraday_middleware
      multi_json
    hiera (1.3.4)
      json_pure
    json_pure (1.8.2)
    log4r (1.1.10)
    multi_json (1.11.1)
    multipart-post (2.0.0)
    puppet (3.8.1)
      facter (> 1.6, < 3)
      hiera (~> 1.0)
      json_pure
    r10k (1.5.1)
      colored (= 1.2)
      cri (~> 2.6.1)
      faraday (~> 0.9.0)
      faraday_middleware (~> 0.9.0)
      faraday_middleware-multi_json (~> 0.0.6)
      json_pure (~> 1.8)
      log4r (= 1.1.10)
      multi_json (~> 1.10)
      semantic_puppet (~> 0.1.0)
    semantic_puppet (0.1.1)

PLATFORMS
  ruby

DEPENDENCIES
  puppet (~> 3.8.0)
  r10k (= 1.5.1)

BUNDLED WITH
   1.10.5
